GEM
  remote: https://rubygems.org/
  specs:
    addressable (2.3.8)
    hashie (3.4.1)
    mini_portile (0.6.2)
    nokogiri (1.6.6.2)
      mini_portile (~> 0.6.0)
    omniauth (1.2.2)
      hashie (>= 1.2, < 4)
      rack (~> 1.0)
    omniauth-cas (1.1.0)
      addressable (~> 2.3)
      nokogiri (~> 1.5)
      omniauth (~> 1.2.0)
    rack (1.6.1)

PLATFORMS
  ruby

DEPENDENCIES
  omniauth-cas
  rack
